PATH
  remote: .
  specs:
    pug (0.2.2)

GEM
  remote: http://rubygems.org/
  specs:
    rake (10.0.3)

PLATFORMS
  ruby
  x86-mingw32

DEPENDENCIES
  pug!
  rake
