PATH
  remote: .
  specs:
    pug (1)

GEM
  remote: http://rubygems.org/
  specs:
    rake (10.0.3)

PLATFORMS
  x86-mingw32

DEPENDENCIES
  pug!
  rake
